NUGET
  remote: https://www.nuget.org/api/v2
    Assisticant (1.3)
